GEM
  remote: http://rubygems.org/
  specs:
    addressable (2.3.5)
    cucumber-sinatra (0.5.0)
      templater (>= 1.0.0)
    diff-lcs (1.2.5)
    extlib (0.9.16)
    faraday (0.8.8)
      multipart-post (~> 1.2.0)
    highline (1.6.20)
    multipart-post (1.2.0)
    octokit (2.6.1)
      sawyer (~> 0.5.1)
    rack (1.5.2)
    rack-protection (1.5.1)
      rack
    sawyer (0.5.1)
      addressable (~> 2.3.5)
      faraday (~> 0.8, < 0.10)
    sinatra (1.4.4)
      rack (~> 1.4)
      rack-protection (~> 1.4)
      tilt (~> 1.3, >= 1.3.4)
    templater (1.0.0)
      diff-lcs (>= 1.1.2)
      extlib (>= 0.9.5)
      highline (>= 1.4.0)
    tilt (1.4.1)

PLATFORMS
  ruby

DEPENDENCIES
  cucumber-sinatra
  octokit
  sinatra
